GEM
  remote: https://rubygems.org/
  specs:
    rainbow (2.1.0)
    sass (3.4.22)
    scss_lint (0.40.1)
      rainbow (~> 2.0)
      sass (~> 3.4.1)

PLATFORMS
  ruby

DEPENDENCIES
  scss_lint (= 0.40.1)

BUNDLED WITH
   1.13.6
